GEM
  remote: http://rubygems.org/
  specs:
    addressable (2.2.1)
    bcrypt-ruby (2.1.2)
    configuration (1.1.0)
    data_objects (0.10.2)
      addressable (~> 2.1)
    dm-core (1.0.2)
      addressable (~> 2.2)
      extlib (~> 0.9.15)
    dm-do-adapter (1.0.2)
      data_objects (~> 0.10.2)
      dm-core (~> 1.0.2)
    dm-migrations (1.0.2)
      dm-core (~> 1.0.2)
    dm-postgres-adapter (1.0.2)
      dm-do-adapter (~> 1.0.2)
      do_postgres (~> 0.10.2)
    dm-sqlite-adapter (1.0.2)
      dm-do-adapter (~> 1.0.2)
      do_sqlite3 (~> 0.10.2)
    dm-timestamps (1.0.2)
      dm-core (~> 1.0.2)
    dm-types (1.0.2)
      dm-core (~> 1.0.2)
      fastercsv (~> 1.5.3)
      json_pure (~> 1.4)
      stringex (~> 1.1.0)
      uuidtools (~> 2.1.1)
    dm-validations (1.0.2)
      dm-core (~> 1.0.2)
    do_postgres (0.10.2)
      data_objects (= 0.10.2)
    do_sqlite3 (0.10.2)
      data_objects (= 0.10.2)
    extlib (0.9.15)
    fastercsv (1.5.3)
    heroku (1.10.4)
      json_pure (>= 1.2.0, < 1.5.0)
      launchy (~> 0.3.2)
      rest-client (~> 1.4.0)
    json_pure (1.4.6)
    launchy (0.3.7)
      configuration (>= 0.0.5)
      rake (>= 0.8.1)
    mime-types (1.16)
    pg (0.9.0)
    rack (1.2.1)
    rack-flash (0.1.1)
      rack
    rake (0.8.7)
    rest-client (1.4.2)
      mime-types (>= 1.16)
    rspec (1.3.0)
    sinatra (1.0)
      rack (>= 1.0)
    sqlite3-ruby (1.3.1)
    stringex (1.1.0)
    uuidtools (2.1.1)

PLATFORMS
  ruby

DEPENDENCIES
  bcrypt-ruby
  dm-core
  dm-migrations
  dm-postgres-adapter
  dm-sqlite-adapter
  dm-timestamps
  dm-types
  dm-validations
  heroku
  pg
  rack-flash
  rspec
  sinatra
  sqlite3-ruby
